PATH
  remote: ~/development/rddd
  specs:
    rddd (0.3.0)
      curb

GEM
  remote: https://rubygems.org/
  specs:
    curb (0.8.3)
    rack (1.4.4)
    rack-protection (1.3.2)
      rack
    sinatra (1.3.3)
      rack (~> 1.3, >= 1.3.6)
      rack-protection (~> 1.2)
      tilt (~> 1.3, >= 1.3.3)
    tilt (1.3.3)

PLATFORMS
  ruby

DEPENDENCIES
  rddd!
  sinatra
